GEM
  remote: https://rubygems.org/
  specs:
    diff-lcs (1.5.1)
    faraday (2.10.1)
      faraday-net_http (>= 2.0, < 3.2)
      logger
    faraday-net_http (3.1.1)
      net-http
    logger (1.6.0)
    net-http (0.4.1)
      uri
    rspec (3.13.0)
      rspec-core (~> 3.13.0)
      rspec-expectations (~> 3.13.0)
      rspec-mocks (~> 3.13.0)
    rspec-core (3.13.0)
      rspec-support (~> 3.13.0)
    rspec-expectations (3.13.1)
      diff-lcs (>= 1.2.0, < 2.0)
      rspec-support (~> 3.13.0)
    rspec-mocks (3.13.1)
      diff-lcs (>= 1.2.0, < 2.0)
      rspec-support (~> 3.13.0)
    rspec-support (3.13.1)
    uri (0.13.0)

PLATFORMS
  arm64-darwin-22
  ruby

DEPENDENCIES
  faraday
  rspec

BUNDLED WITH
   2.5.17
